GEM
  remote: https://rubygems.org/
  specs:
    actioncable (7.0.8)
      actionpack (= 7.0.8)
      activesupport (= 7.0.8)
      nio4r (~> 2.0)
      websocket-driver (>= 0.6.1)
    actionmailbox (7.0.8)
      actionpack (= 7.0.8)
      activejob (= 7.0.8)
      activerecord (= 7.0.8)
      activestorage (= 7.0.8)
      activesupport (= 7.0.8)
      mail (>= 2.7.1)
      net-imap
      net-pop
      net-smtp
    actionmailer (7.0.8)
      actionpack (= 7.0.8)
      actionview (= 7.0.8)
      activejob (= 7.0.8)
      activesupport (= 7.0.8)
      mail (~> 2.5, >= 2.5.4)
      net-imap
      net-pop
      net-smtp
      rails-dom-testing (~> 2.0)
    actionpack (7.0.8)
      actionview (= 7.0.8)
      activesupport (= 7.0.8)
      rack (~> 2.0, >= 2.2.4)
      rack-test (>= 0.6.3)
      rails-dom-testing (~> 2.0)
      rails-html-sanitizer (~> 1.0, >= 1.2.0)
    actiontext (7.0.8)
      actionpack (= 7.0.8)
      activerecord (= 7.0.8)
      activestorage (= 7.0.8)
      activesupport (= 7.0.8)
      globalid (>= 0.6.0)
      nokogiri (>= 1.8.5)
    actionview (7.0.8)
      activesupport (= 7.0.8)
      builder (~> 3.1)
      erubi (~> 1.4)
      rails-dom-testing (~> 2.0)
      rails-html-sanitizer (~> 1.1, >= 1.2.0)
    activejob (7.0.8)
      activesupport (= 7.0.8)
      globalid (>= 0.3.6)
    activemodel (7.0.8)
      activesupport (= 7.0.8)
    activerecord (7.0.8)
      activemodel (= 7.0.8)
      activesupport (= 7.0.8)
    activestorage (7.0.8)
      actionpack (= 7.0.8)
      activejob (= 7.0.8)
      activerecord (= 7.0.8)
      activesupport (= 7.0.8)
      marcel (~> 1.0)
      mini_mime (>= 1.1.0)
    activesupport (7.0.8)
      concurrent-ruby (~> 1.0, >= 1.0.2)
      i18n (>= 1.6, < 2)
      minitest (>= 5.1)
      tzinfo (~> 2.0)
    addressable (2.8.5)
      public_suffix (>= 2.0.2, < 6.0)
    ast (2.4.2)
    bindex (0.8.1)
    bootsnap (1.17.0)
      msgpack (~> 1.2)
    builder (3.2.4)
    capybara (3.39.2)
      addressable
      matrix
      mini_mime (>= 0.1.3)
      nokogiri (~> 1.8)
      rack (>= 1.6.0)
      rack-test (>= 0.6.3)
      regexp_parser (>= 1.5, < 3.0)
      xpath (~> 3.2)
    cells (4.1.7)
      declarative-builder (< 0.2.0)
      declarative-option (< 0.2.0)
      tilt (>= 1.4, < 3)
      uber (< 0.2.0)
    cells-erb (0.1.0)
      cells (~> 4.0)
      erbse (>= 0.1.1)
    cells-rails (0.1.5)
      actionpack (>= 5.0)
      cells (>= 4.1.6, < 5.0.0)
    concurrent-ruby (1.2.2)
    crass (1.0.6)
    date (3.3.4)
    debug (1.8.0)
      irb (>= 1.5.0)
      reline (>= 0.3.1)
    declarative (0.0.20)
    declarative-builder (0.1.0)
      declarative-option (< 0.2.0)
    declarative-option (0.1.0)
    diff-lcs (1.5.0)
    disposable (0.6.3)
      declarative (>= 0.0.9, < 1.0.0)
      representable (>= 3.1.1, < 4)
    erbse (0.1.4)
      temple
    erubi (1.12.0)
    factory_bot (6.4.2)
      activesupport (>= 5.0.0)
    factory_bot_rails (6.4.2)
      factory_bot (~> 6.4)
      railties (>= 5.0.0)
    faker (3.2.2)
      i18n (>= 1.8.11, < 2)
    globalid (1.2.1)
      activesupport (>= 6.1)
    hashie (5.0.0)
    hirb (0.7.3)
    i18n (1.14.1)
      concurrent-ruby (~> 1.0)
    importmap-rails (1.2.3)
      actionpack (>= 6.0.0)
      activesupport (>= 6.0.0)
      railties (>= 6.0.0)
    io-console (0.6.0)
    irb (1.9.0)
      rdoc
      reline (>= 0.3.8)
    jbuilder (2.11.5)
      actionview (>= 5.0.0)
      activesupport (>= 5.0.0)
    json (2.7.1)
    language_server-protocol (3.17.0.3)
    loofah (2.22.0)
      crass (~> 1.0.2)
      nokogiri (>= 1.12.0)
    mail (2.8.1)
      mini_mime (>= 0.1.1)
      net-imap
      net-pop
      net-smtp
    marcel (1.0.2)
    matrix (0.4.2)
    method_source (1.0.0)
    mini_mime (1.1.5)
    minitest (5.20.0)
    msgpack (1.7.2)
    net-imap (0.4.5)
      date
      net-protocol
    net-pop (0.1.2)
      net-protocol
    net-protocol (0.2.2)
      timeout
    net-smtp (0.4.0)
      net-protocol
    nio4r (2.6.1)
    nokogiri (1.15.5-x86_64-linux)
      racc (~> 1.4)
    parallel (1.23.0)
    parser (3.2.2.4)
      ast (~> 2.4.1)
      racc
    psych (5.1.1.1)
      stringio
    public_suffix (5.0.4)
    puma (5.6.7)
      nio4r (~> 2.0)
    racc (1.7.3)
    rack (2.2.8)
    rack-test (2.1.0)
      rack (>= 1.3)
    rails (7.0.8)
      actioncable (= 7.0.8)
      actionmailbox (= 7.0.8)
      actionmailer (= 7.0.8)
      actionpack (= 7.0.8)
      actiontext (= 7.0.8)
      actionview (= 7.0.8)
      activejob (= 7.0.8)
      activemodel (= 7.0.8)
      activerecord (= 7.0.8)
      activestorage (= 7.0.8)
      activesupport (= 7.0.8)
      bundler (>= 1.15.0)
      railties (= 7.0.8)
    rails-dom-testing (2.2.0)
      activesupport (>= 5.0.0)
      minitest
      nokogiri (>= 1.6)
    rails-html-sanitizer (1.6.0)
      loofah (~> 2.21)
      nokogiri (~> 1.14)
    railties (7.0.8)
      actionpack (= 7.0.8)
      activesupport (= 7.0.8)
      method_source
      rake (>= 12.2)
      thor (~> 1.0)
      zeitwerk (~> 2.5)
    rainbow (3.1.1)
    rake (13.1.0)
    rdoc (6.6.0)
      psych (>= 4.0.0)
    redis (4.8.1)
    reform (2.6.2)
      disposable (>= 0.5.0, < 1.0.0)
      representable (>= 3.1.1, < 4)
      uber (< 0.2.0)
    reform-rails (0.2.6)
      activemodel (>= 5.0)
      reform (>= 2.3.1, < 3.0.0)
    regexp_parser (2.8.2)
    reline (0.4.0)
      io-console (~> 0.5)
    representable (3.2.0)
      declarative (< 0.1.0)
      trailblazer-option (>= 0.1.1, < 0.2.0)
      uber (< 0.2.0)
    rexml (3.2.6)
    rspec-core (3.12.2)
      rspec-support (~> 3.12.0)
    rspec-expectations (3.12.3)
      diff-lcs (>= 1.2.0, < 2.0)
      rspec-support (~> 3.12.0)
    rspec-mocks (3.12.6)
      diff-lcs (>= 1.2.0, < 2.0)
      rspec-support (~> 3.12.0)
    rspec-rails (6.1.0)
      actionpack (>= 6.1)
      activesupport (>= 6.1)
      railties (>= 6.1)
      rspec-core (~> 3.12)
      rspec-expectations (~> 3.12)
      rspec-mocks (~> 3.12)
      rspec-support (~> 3.12)
    rspec-support (3.12.1)
    rubocop (1.58.0)
      json (~> 2.3)
      language_server-protocol (>= 3.17.0)
      parallel (~> 1.10)
      parser (>= 3.2.2.4)
      rainbow (>= 2.2.2, < 4.0)
      regexp_parser (>= 1.8, < 3.0)
      rexml (>= 3.2.5, < 4.0)
      rubocop-ast (>= 1.30.0, < 2.0)
      ruby-progressbar (~> 1.7)
      unicode-display_width (>= 2.4.0, < 3.0)
    rubocop-ast (1.30.0)
      parser (>= 3.2.1.0)
    ruby-progressbar (1.13.0)
    rubyzip (2.3.2)
    selenium-webdriver (4.15.0)
      rexml (~> 3.2, >= 3.2.5)
      rubyzip (>= 1.2.2, < 3.0)
      websocket (~> 1.0)
    sprockets (4.2.1)
      concurrent-ruby (~> 1.0)
      rack (>= 2.2.4, < 4)
    sprockets-rails (3.4.2)
      actionpack (>= 5.2)
      activesupport (>= 5.2)
      sprockets (>= 3.0.0)
    sqlite3 (1.6.8-x86_64-linux)
    stimulus-rails (1.3.0)
      railties (>= 6.0.0)
    stringio (3.0.9)
    temple (0.10.3)
    thor (1.3.0)
    tilt (2.3.0)
    timeout (0.4.1)
    trailblazer (2.1.3)
      trailblazer-activity-dsl-linear (>= 1.2.3, < 1.3.0)
      trailblazer-developer (>= 0.1.0, < 0.2.0)
      trailblazer-macro (>= 2.1.15, < 2.2.0)
      trailblazer-macro-contract (>= 2.1.4, < 2.2.0)
      trailblazer-operation (>= 0.9.0, < 1.0.0)
    trailblazer-activity (0.16.1)
      trailblazer-context (~> 0.5.0)
      trailblazer-option (~> 0.1.0)
    trailblazer-activity-dsl-linear (1.2.4)
      trailblazer-activity (>= 0.16.0, < 0.17.0)
      trailblazer-declarative (>= 0.0.1, < 0.1.0)
    trailblazer-cells (0.0.3)
      cells (>= 4.1.0.rc1, < 5.0.0)
    trailblazer-context (0.5.1)
      hashie (>= 3.0.0)
    trailblazer-declarative (0.0.2)
    trailblazer-developer (0.1.0)
      hirb
      trailblazer-activity-dsl-linear (>= 1.2.0, < 1.3.0)
    trailblazer-macro (2.1.15)
      trailblazer-activity-dsl-linear (>= 1.2.0, < 1.3.0)
      trailblazer-operation (>= 0.10.1)
    trailblazer-macro-contract (2.1.5)
      reform (>= 2.2.0, < 3.0.0)
      trailblazer-activity-dsl-linear (>= 1.2.0, < 1.3.0)
    trailblazer-operation (0.10.1)
      trailblazer-activity-dsl-linear (>= 1.2.0, < 1.4.0)
      trailblazer-developer (>= 0.1.0, < 0.2.0)
    trailblazer-option (0.1.2)
    trailblazer-rails (2.4.3)
      railties (>= 5.2.0)
      trailblazer (>= 2.1.0, < 2.2.0)
    turbo-rails (1.5.0)
      actionpack (>= 6.0.0)
      activejob (>= 6.0.0)
      railties (>= 6.0.0)
    tzinfo (2.0.6)
      concurrent-ruby (~> 1.0)
    uber (0.1.0)
    unicode-display_width (2.5.0)
    web-console (4.2.1)
      actionview (>= 6.0.0)
      activemodel (>= 6.0.0)
      bindex (>= 0.4.0)
      railties (>= 6.0.0)
    websocket (1.2.10)
    websocket-driver (0.7.6)
      websocket-extensions (>= 0.1.0)
    websocket-extensions (0.1.5)
    xpath (3.2.0)
      nokogiri (~> 1.8)
    zeitwerk (2.6.12)

PLATFORMS
  x86_64-linux

DEPENDENCIES
  bootsnap
  capybara
  cells
  cells-erb
  cells-rails
  debug
  factory_bot_rails
  faker
  importmap-rails
  jbuilder
  puma (~> 5.0)
  rails (~> 7.0.8)
  redis (~> 4.0)
  reform
  reform-rails
  rspec-rails
  rubocop (~> 1.58)
  selenium-webdriver
  sprockets-rails
  sqlite3 (~> 1.4)
  stimulus-rails
  trailblazer
  trailblazer-cells
  trailblazer-rails (~> 2.1)
  turbo-rails
  tzinfo-data
  web-console

RUBY VERSION
   ruby 3.1.2p20

BUNDLED WITH
   2.4.13
